GEM
  remote: https://rubygems.org/
  specs:
    actionmailer (2.3.18)
      actionpack (= 2.3.18)
    actionpack (2.3.18)
      activesupport (= 2.3.18)
      rack (~> 1.1.0)
    activerecord (2.3.18)
      activesupport (= 2.3.18)
    activeresource (2.3.18)
      activesupport (= 2.3.18)
    activesupport (2.3.18)
    hobo (1.0.0)
      hobofields (= 1.0.0)
      hobosupport (= 1.0.0)
      rails (>= 2.2.2)
      will_paginate (>= 2.3.11)
    hobofields (1.0.0)
      hobosupport (= 1.0.0)
      rails (>= 2.2.2)
    hobosupport (1.0.0)
    json (1.8.6)
    lolcat (100.0.1)
      manpages (~> 0.6.1)
      optimist (~> 3.0.0)
      paint (~> 2.1)
    manpages (0.6.1)
    optimist (3.0.1)
    paint (2.2.1)
    rack (1.1.6)
    rails (2.3.18)
      actionmailer (= 2.3.18)
      actionpack (= 2.3.18)
      activerecord (= 2.3.18)
      activeresource (= 2.3.18)
      activesupport (= 2.3.18)
      rake (>= 0.8.3)
    rake (13.0.3)
    sqlite3 (1.3.9)
    will_paginate (2.3.11)

PLATFORMS
  ruby

DEPENDENCIES
  hobo (= 1.0)
  json
  lolcat
  rails (= 2.3.18)
  sqlite3
  will_paginate (= 2.3.11)

BUNDLED WITH
   1.17.3
